GEM
  remote: http://rubygems.org/
  specs:
    activesupport (3.0.8)
    highline (1.6.2)
    json (1.5.1)
    mime-types (1.16)
    oauth (0.4.4)
    r18n-core (0.4.9)
    r18n-desktop (0.4.9)
      r18n-core (= 0.4.9)
    rvk (0.1.8)
    twitter_oauth (0.4.3)
      json (>= 1.1.9)
      mime-types (>= 1.16)
      oauth (>= 0.4.1)

PLATFORMS
  ruby

DEPENDENCIES
  activesupport
  highline
  json
  oauth
  r18n-desktop
  rvk
  twitter_oauth
